GEM
  remote: https://rubygems.org/
  specs:
    cinch (2.0.12)
    log4r (1.1.10)

PLATFORMS
  ruby

DEPENDENCIES
  cinch
  log4r
